GEM
  remote: https://rubygems.org/
  specs:
    json_rpc_handler (0.1.1)
    model_context_protocol_riccardo (0.7.0)
      json_rpc_handler (~> 0.1)

PLATFORMS
  ruby
  x86_64-linux

DEPENDENCIES
  model_context_protocol_riccardo

BUNDLED WITH
   2.6.2
