GEM
  remote: https://rubygems.org/
  specs:
    mcp-rb (0.3.2)

PLATFORMS
  ruby
  x86_64-linux

DEPENDENCIES
  mcp-rb

BUNDLED WITH
   2.6.2
